GEM
  remote: http://rubygems.org/
  specs:
    addressable (2.3.2)
    builder (3.1.4)
    dalli (2.6.0)
    kgio (2.7.4)
    newrelic_rpm (3.5.5.38)
    rack (1.4.4)
    rack-cache (1.2)
      rack (>= 0.4)
    rack-canonical-host (0.0.8)
      addressable
      rack (~> 1.0)
    rack-protection (1.3.2)
      rack
    raindrops (0.10.0)
    sinatra (1.3.3)
      rack (~> 1.3, >= 1.3.6)
      rack-protection (~> 1.2)
      tilt (~> 1.3, >= 1.3.3)
    tilt (1.3.3)
    unicorn (4.5.0)
      kgio (~> 2.6)
      rack
      raindrops (~> 0.7)

PLATFORMS
  ruby

DEPENDENCIES
  builder
  dalli
  newrelic_rpm
  rack-cache
  rack-canonical-host
  sinatra
  unicorn
